GEM
  remote: https://rubygems.org/
  specs:
    chronic (0.10.2)
    colorize (0.7.7)
    easy_translate (0.5.0)
      json
      thread
      thread_safe
    json (1.8.3)
    thread (0.2.2)
    thread_safe (0.3.5)

PLATFORMS
  ruby

DEPENDENCIES
  chronic (~> 0.10.2)
  colorize (~> 0.7.7)
  easy_translate (~> 0.5.0)

BUNDLED WITH
   1.11.2
